PATH
  remote: .
  specs:
    elchat (0.0.1)
      thor (~> 0.18.1)

GEM
  remote: https://rubygems.org/
  specs:
    minitest (5.0.8)
    multi_json (1.8.2)
    rake (10.1.0)
    simplecov (0.7.1)
      multi_json (~> 1.0)
      simplecov-html (~> 0.7.1)
    simplecov-html (0.7.1)
    thor (0.18.1)

PLATFORMS
  ruby

DEPENDENCIES
  bundler (~> 1.3)
  elchat!
  minitest (>= 5.0.8)
  rake
  simplecov (>= 0.7.1)
